GEM
  remote: https://rubygems.org/
  specs:
    addressable (2.5.0)
      public_suffix (~> 2.0, >= 2.0.2)
    cookiejar (0.3.3)
    em-http-request (1.1.5)
      addressable (>= 2.3.4)
      cookiejar (!= 0.3.1)
      em-socksify (>= 0.3)
      eventmachine (>= 1.0.3)
      http_parser.rb (>= 0.6.0)
    em-socksify (0.3.1)
      eventmachine (>= 1.0.0.beta.4)
    eventmachine (1.2.3)
    eventmachine_httpserver (0.2.1)
    http_parser.rb (0.6.0)
    json (2.0.3)
    public_suffix (2.0.5)
    rjr (0.19.3)
      eventmachine
      json (>= 1.7.6)

PLATFORMS
  ruby

DEPENDENCIES
  em-http-request
  eventmachine_httpserver
  rjr

BUNDLED WITH
   1.14.6
